PATH
  remote: .
  specs:
    mini_lisp (0.1.0)

GEM
  remote: https://rubygems.org/
  specs:
    rainbow (3.1.1)
    rake (13.0.6)

PLATFORMS
  arm64-darwin-21
  x86_64-darwin-19
  x86_64-darwin-21

DEPENDENCIES
  mini_lisp!
  rainbow
  rake (~> 13.0)

BUNDLED WITH
   2.3.3
